GIT
  remote: git://github.com/rweng/jquery-datatables-rails.git
  revision: 7d77f59c75edb5270b2a3b27a8d8ebeb2ce82d85
  specs:
    jquery-datatables-rails (1.11.3)
      jquery-rails

GEM
  remote: https://rubygems.org/
  specs:
    actionmailer (4.0.0)
      actionpack (= 4.0.0)
      mail (~> 2.5.3)
    actionpack (4.0.0)
      activesupport (= 4.0.0)
      builder (~> 3.1.0)
      erubis (~> 2.7.0)
      rack (~> 1.5.2)
      rack-test (~> 0.6.2)
    activemodel (4.0.0)
      activesupport (= 4.0.0)
      builder (~> 3.1.0)
    activerecord (4.0.0)
      activemodel (= 4.0.0)
      activerecord-deprecated_finders (~> 1.0.2)
      activesupport (= 4.0.0)
      arel (~> 4.0.0)
    activerecord-deprecated_finders (1.0.3)
    activesupport (4.0.0)
      i18n (~> 0.6, >= 0.6.4)
      minitest (~> 4.2)
      multi_json (~> 1.3)
      thread_safe (~> 0.1)
      tzinfo (~> 0.3.37)
    annotate (2.6.0)
      activerecord (>= 2.3.0)
      rake (>= 0.8.7)
    arel (4.0.1)
    arrayfields (4.9.0)
    atomic (1.1.14)
    awesome_print (1.2.0)
    bcrypt-ruby (3.0.1)
    better_errors (1.0.1)
      coderay (>= 1.0.0)
      erubis (>= 2.6.6)
    binding_of_caller (0.7.2)
      debug_inspector (>= 0.0.1)
    bootstrap-sass (3.0.2.1)
      sass (~> 3.2)
    builder (3.1.4)
    bullet (4.7.1)
      activesupport
      uniform_notifier (>= 1.4.0)
    cane (2.6.1)
      parallel
    capybara (2.1.0)
      mime-types (>= 1.16)
      nokogiri (>= 1.3.3)
      rack (>= 1.0.0)
      rack-test (>= 0.5.4)
      xpath (~> 2.0)
    childprocess (0.3.6)
      ffi (~> 1.0, >= 1.0.6)
    choice (0.1.6)
    chronic (0.10.2)
    churn (0.0.34)
      chronic (>= 0.2.3)
      hirb
      json_pure
      main
      ruby_parser (~> 3.0)
      sexp_processor (~> 4.1)
    code_analyzer (0.4.3)
      sexp_processor
    code_metrics (0.1.2)
    coderay (1.1.0)
    coffee-rails (4.0.0)
      coffee-script (>= 2.2.0)
      railties (>= 4.0.0.beta, < 5.0)
    coffee-script (2.2.0)
      coffee-script-source
      execjs
    coffee-script-source (1.6.3)
    colored (1.2)
    columnize (0.3.6)
    debug_inspector (0.0.2)
    debugger (1.6.3)
      columnize (>= 0.3.1)
      debugger-linecache (~> 1.2.0)
      debugger-ruby_core_source (~> 1.2.4)
    debugger-linecache (1.2.0)
    debugger-ruby_core_source (1.2.4)
    dotenv (0.9.0)
    dotenv-rails (0.9.0)
      dotenv (= 0.9.0)
    erubis (2.7.0)
    exception_notification (4.0.1)
      actionmailer (>= 3.0.4)
      activesupport (>= 3.0.4)
    execjs (2.0.2)
    faker (1.1.2)
      i18n (~> 0.5)
    fattr (2.2.1)
    ffi (1.9.3)
    flay (2.4.0)
      ruby_parser (~> 3.0)
      sexp_processor (~> 4.0)
    flog (4.2.0)
      ruby_parser (~> 3.1, > 3.1.0)
      sexp_processor (~> 4.4)
    geokit (1.7.1)
      multi_json (>= 1.3.2)
    geokit-rails (2.0.1)
      geokit (~> 1.5)
      rails (>= 3.0)
    hike (1.2.3)
    hirb (0.7.1)
    httpclient (2.3.4.1)
    i18n (0.6.5)
    jbuilder (1.0.2)
      activesupport (>= 3.0.0)
    jquery-rails (3.0.4)
      railties (>= 3.0, < 5.0)
      thor (>= 0.14, < 2.0)
    jquery-ui-rails (4.1.0)
      railties (>= 3.1.0)
    json (1.8.1)
    json_pure (1.8.1)
    lol_dba (1.6.0)
      actionpack (>= 3.0)
      activerecord (>= 3.0)
      railties (>= 3.0)
    mail (2.5.4)
      mime-types (~> 1.16)
      treetop (~> 1.4.8)
    main (5.2.0)
      arrayfields (>= 4.7.4)
      chronic (>= 0.6.2)
      fattr (>= 2.2.0)
      map (>= 5.1.0)
    map (6.5.1)
    meta_request (0.2.1)
      rack-contrib
      rails
    method_source (0.8.2)
    metric_fu (4.6.0)
      cane (~> 2.5, >= 2.5.2)
      churn (~> 0.0.28)
      code_metrics (~> 0.1)
      coderay
      flay (~> 2.1, >= 2.0.1)
      flog (~> 4.1, >= 4.1.1)
      metric_fu-Saikuro (>= 1.1.1.0)
      multi_json
      rails_best_practices (~> 1.14, >= 1.14.3)
      redcard
      reek (~> 1.3, >= 1.3.4)
      roodi (~> 3.1)
    metric_fu-Saikuro (1.1.1.0)
    mime-types (1.25)
    mini_portile (0.5.2)
    minitest (4.7.5)
    multi_json (1.8.2)
    mysql2 (0.3.14)
    nokogiri (1.6.0)
      mini_portile (~> 0.5.0)
    parallel (0.9.1)
    pg (0.15.1)
    polyglot (0.3.3)
    pry (0.9.12.4)
      coderay (~> 1.0)
      method_source (~> 0.8)
      slop (~> 3.4)
    pry-doc (0.4.6)
      pry (>= 0.9)
      yard (>= 0.8)
    quiet_assets (1.0.2)
      railties (>= 3.1, < 5.0)
    rack (1.5.2)
    rack-contrib (1.1.0)
      rack (>= 0.9.1)
    rack-mini-profiler (0.1.31)
      rack (>= 1.1.3)
    rack-test (0.6.2)
      rack (>= 1.0)
    railroady (1.1.1)
    rails (4.0.0)
      actionmailer (= 4.0.0)
      actionpack (= 4.0.0)
      activerecord (= 4.0.0)
      activesupport (= 4.0.0)
      bundler (>= 1.3.0, < 2.0)
      railties (= 4.0.0)
      sprockets-rails (~> 2.0.0)
    rails-erd (1.1.0)
      activerecord (>= 3.0)
      activesupport (>= 3.0)
      choice (~> 0.1.6)
      ruby-graphviz (~> 1.0.4)
    rails-footnotes (3.7.9)
      rails (>= 3.0.0)
    rails_12factor (0.0.2)
      rails_serve_static_assets
      rails_stdout_logging
    rails_best_practices (1.14.4)
      activesupport
      awesome_print
      code_analyzer (>= 0.4.3)
      colored
      erubis
      i18n
      require_all
      ruby-progressbar
    rails_serve_static_assets (0.0.1)
    rails_stdout_logging (0.0.3)
    railties (4.0.0)
      actionpack (= 4.0.0)
      activesupport (= 4.0.0)
      rake (>= 0.8.7)
      thor (>= 0.18.1, < 2.0)
    rake (10.1.0)
    rdoc (3.12.2)
      json (~> 1.4)
    redcard (1.1.0)
    reek (1.3.4)
      ruby2ruby (~> 2.0.2)
      ruby_parser (~> 3.2)
      sexp_processor
    request-log-analyzer (1.12.10)
    require_all (1.3.2)
    roodi (3.3.1)
      ruby_parser (~> 3.2, >= 3.2.2)
    ruby-graphviz (1.0.9)
    ruby-progressbar (1.3.2)
    ruby2ruby (2.0.7)
      ruby_parser (~> 3.1)
      sexp_processor (~> 4.0)
    ruby_parser (3.2.2)
      sexp_processor (~> 4.1)
    rubyzip (0.9.9)
    sass (3.2.12)
    sass-rails (4.0.0)
      railties (>= 4.0.0.beta, < 5.0)
      sass (>= 3.1.10)
      sprockets-rails (~> 2.0.0)
    sdoc (0.3.20)
      json (>= 1.1.3)
      rdoc (~> 3.10)
    selenium-webdriver (2.35.1)
      childprocess (>= 0.2.5)
      multi_json (~> 1.0)
      rubyzip (< 1.0.0)
      websocket (~> 1.0.4)
    sexp_processor (4.4.1)
    slop (3.4.7)
    smusher (0.4.9)
      httpclient (>= 2.2)
      json
      rake
    sprockets (2.10.0)
      hike (~> 1.2)
      multi_json (~> 1.0)
      rack (~> 1.0)
      tilt (~> 1.1, != 1.3.0)
    sprockets-rails (2.0.1)
      actionpack (>= 3.0)
      activesupport (>= 3.0)
      sprockets (~> 2.8)
    thor (0.18.1)
    thread_safe (0.1.3)
      atomic
    tilt (1.4.1)
    tinymce-rails (4.0.10)
      railties (>= 3.1.1)
    treetop (1.4.15)
      polyglot
      polyglot (>= 0.3.1)
    turbolinks (1.1.1)
      coffee-rails
    tzinfo (0.3.38)
    uglifier (2.1.1)
      execjs (>= 0.3.0)
      multi_json (~> 1.0, >= 1.0.2)
    uniform_notifier (1.4.0)
    websocket (1.0.7)
    whenever (0.9.0)
      activesupport (>= 2.3.4)
      chronic (>= 0.6.3)
    will_paginate (3.0.4)
    xpath (2.0.0)
      nokogiri (~> 1.3)
    yard (0.8.7.3)

PLATFORMS
  ruby

DEPENDENCIES
  annotate
  bcrypt-ruby (= 3.0.1)
  better_errors
  binding_of_caller
  bootstrap-sass
  bullet
  capybara (= 2.1.0)
  childprocess (= 0.3.6)
  coffee-rails (= 4.0.0)
  debugger
  dotenv-rails
  exception_notification
  faker (= 1.1.2)
  geokit-rails
  hirb
  jbuilder (= 1.0.2)
  jquery-datatables-rails!
  jquery-rails (= 3.0.4)
  jquery-ui-rails
  lol_dba
  meta_request (= 0.2.1)
  metric_fu
  mysql2
  pg (= 0.15.1)
  pry
  pry-doc
  quiet_assets
  rack-mini-profiler
  railroady
  rails (= 4.0.0)
  rails-erd
  rails-footnotes (>= 3.7.5.rc4)
  rails_12factor (= 0.0.2)
  request-log-analyzer
  sass-rails (= 4.0.0)
  sdoc (= 0.3.20)
  selenium-webdriver (= 2.35.1)
  smusher
  tinymce-rails
  turbolinks (= 1.1.1)
  uglifier (= 2.1.1)
  whenever
  will_paginate (= 3.0.4)
